GEM
  remote: https://rubygems.org/
  specs:
    colored (1.2)
    cri (2.5.0)
      colored (~> 1.2)
    faraday (0.8.9)
      multipart-post (~> 1.2.0)
    faraday_middleware (0.9.1)
      faraday (>= 0.7.4, < 0.10)
    faraday_middleware-multi_json (0.0.5)
      faraday_middleware
      multi_json
    highline (1.6.21)
    json (1.8.1)
    json_pure (1.8.1)
    librarian (0.1.2)
      highline
      thor (~> 0.15)
    librarian-puppet (1.0.1)
      json
      librarian (>= 0.1.2)
    log4r (1.1.10)
    multi_json (1.8.4)
    multipart-post (1.2.0)
    r10k (1.2.1)
      colored (>= 1.2)
      cri (~> 2.5.0)
      faraday (~> 0.8.8)
      faraday_middleware (~> 0.9.0)
      faraday_middleware-multi_json (~> 0.0.5)
      json_pure (~> 1.8.1)
      log4r (>= 1.1.10)
      multi_json (~> 1.8.2)
      systemu (~> 2.5.2)
    systemu (2.5.2)
    thor (0.19.1)

PLATFORMS
  ruby

DEPENDENCIES
  librarian-puppet
  r10k
